PATH
  remote: .
  specs:
    wgibbs-xpath (0.1.4)
      nokogiri (~> 1.3)

GEM
  remote: http://rubygems.org/
  specs:
    nokogiri (1.4.4)
    rspec (1.3.0)
    yard (0.5.8)

PLATFORMS
  ruby

DEPENDENCIES
  rspec (>= 1.2.9)
  wgibbs-xpath!
  yard (>= 0.5.8)
